GIT
  remote: git://github.com/pakyow/pakyow.git
  revision: 25b05970cb88bd886c82205a050d8788b96227ab
  specs:
    pakyow (0.11.0)
      bundler (~> 1.10)
      pakyow-core (= 0.11.0)
      pakyow-mailer (= 0.11.0)
      pakyow-presenter (= 0.11.0)
      pakyow-rake (= 0.11.0)
      pakyow-realtime (= 0.11.0)
      pakyow-support (= 0.11.0)
      pakyow-test (= 0.11.0)
      pakyow-ui (= 0.11.0)
      thor (~> 0.19)
    pakyow-core (0.11.0)
      pakyow-support (= 0.11.0)
      rack (~> 1.6)
    pakyow-mailer (0.11.0)
      mail (~> 2.6)
      pakyow-core (= 0.11.0)
      pakyow-presenter (= 0.11.0)
      pakyow-support (= 0.11.0)
      premailer (~> 1.8)
    pakyow-presenter (0.11.0)
      oga (~> 2.0)
      pakyow-core (= 0.11.0)
      pakyow-support (= 0.11.0)
    pakyow-rake (0.11.0)
      pakyow-core (= 0.11.0)
      pakyow-presenter (= 0.11.0)
      pakyow-support (= 0.11.0)
      rake (~> 11.1)
    pakyow-realtime (0.11.0)
      concurrent-ruby (~> 1.0)
      pakyow-core (= 0.11.0)
      pakyow-support (= 0.11.0)
      redis (~> 3.2)
      websocket_parser (~> 1.0)
    pakyow-support (0.11.0)
    pakyow-test (0.11.0)
      pakyow-core (= 0.11.0)
      pakyow-mailer (= 0.11.0)
      pakyow-presenter (= 0.11.0)
      pakyow-support (= 0.11.0)
    pakyow-ui (0.11.0)
      pakyow-core (= 0.11.0)
      pakyow-presenter (= 0.11.0)
      pakyow-realtime (= 0.11.0)
      pakyow-support (= 0.11.0)

GEM
  remote: https://rubygems.org/
  specs:
    addressable (2.4.0)
    ansi (1.5.0)
    ast (2.2.0)
    coderay (1.1.1)
    concurrent-ruby (1.0.1)
    css_parser (1.4.1)
      addressable
    diff-lcs (1.2.5)
    dotenv (2.1.1)
    htmlentities (4.3.4)
    mail (2.6.4)
      mime-types (>= 1.16, < 4)
    method_source (0.8.2)
    mime-types (3.0)
      mime-types-data (~> 3.2015)
    mime-types-data (3.2016.0221)
    oga (2.2)
      ast
      ruby-ll (~> 2.1)
    premailer (1.8.6)
      css_parser (>= 1.3.6)
      htmlentities (>= 4.0.0)
    pry (0.10.3)
      coderay (~> 1.1.0)
      method_source (~> 0.8.1)
      slop (~> 3.4)
    puma (3.2.0)
    rack (1.6.4)
    rake (11.1.2)
    redis (3.2.2)
    rspec (3.4.0)
      rspec-core (~> 3.4.0)
      rspec-expectations (~> 3.4.0)
      rspec-mocks (~> 3.4.0)
    rspec-core (3.4.4)
      rspec-support (~> 3.4.0)
    rspec-expectations (3.4.0)
      diff-lcs (>= 1.2.0, < 2.0)
      rspec-support (~> 3.4.0)
    rspec-mocks (3.4.1)
      diff-lcs (>= 1.2.0, < 2.0)
      rspec-support (~> 3.4.0)
    rspec-support (3.4.1)
    ruby-ll (2.1.2)
      ansi
      ast
    slop (3.6.0)
    thor (0.19.1)
    websocket_parser (1.0.0)

PLATFORMS
  ruby

DEPENDENCIES
  dotenv
  pakyow!
  pry
  puma
  rspec
  thin

BUNDLED WITH
   1.11.2
